PATH
  remote: .
  specs:
    askcii (0.1.0)
      amalgalite (~> 1.9)
      ruby_llm (= 1.3.0rc1)
      sequel (~> 5.92)

GEM
  remote: https://rubygems.org/
  specs:
    amalgalite (1.9.4)
      arrayfields (~> 4.9)
    arrayfields (4.9.2)
    base64 (0.2.0)
    bigdecimal (3.1.9)
    event_stream_parser (1.0.0)
    faraday (2.13.1)
      faraday-net_http (>= 2.0, < 3.5)
      json
      logger
    faraday-multipart (1.1.0)
      multipart-post (~> 2.0)
    faraday-net_http (3.4.0)
      net-http (>= 0.5.0)
    faraday-retry (2.3.1)
      faraday (~> 2.0)
    json (2.12.0)
    logger (1.7.0)
    minitest (5.25.5)
    multipart-post (2.4.1)
    net-http (0.6.0)
      uri
    rake (13.2.1)
    ruby_llm (1.3.0rc1)
      base64
      event_stream_parser (~> 1)
      faraday (~> 2)
      faraday-multipart (~> 1)
      faraday-net_http (~> 3)
      faraday-retry (~> 2)
      zeitwerk (~> 2)
    sequel (5.92.0)
      bigdecimal
    uri (1.0.3)
    zeitwerk (2.7.2)

PLATFORMS
  aarch64-linux-gnu
  aarch64-linux-musl
  arm-linux-gnu
  arm-linux-musl
  arm64-darwin
  x86-linux-gnu
  x86-linux-musl
  x86_64-darwin
  x86_64-linux-gnu
  x86_64-linux-musl

DEPENDENCIES
  askcii!
  minitest (~> 5.25)
  rake (~> 13.0)

BUNDLED WITH
   2.6.8
