PATH
  remote: .
  specs:
    askcii (0.3.0)
      amalgalite (~> 1.9)
      ruby_llm (= 1.5.1)
      sequel (~> 5.92)

GEM
  remote: https://rubygems.org/
  specs:
    amalgalite (1.9.4)
      arrayfields (~> 4.9)
    arrayfields (4.9.2)
    base64 (0.2.0)
    bigdecimal (3.1.9)
    csv (3.3.5)
    event_stream_parser (1.0.0)
    faraday (2.13.1)
      faraday-net_http (>= 2.0, < 3.5)
      json
      logger
    faraday-multipart (1.1.0)
      multipart-post (~> 2.0)
    faraday-net_http (3.4.0)
      net-http (>= 0.5.0)
    faraday-retry (2.3.1)
      faraday (~> 2.0)
    json (2.12.0)
    logger (1.7.0)
    marcel (1.0.4)
    minitest (5.25.5)
    multipart-post (2.4.1)
    net-http (0.6.0)
      uri
    ostruct (0.6.3)
    rake (13.2.1)
    ruby_llm (1.5.1)
      base64
      event_stream_parser (~> 1)
      faraday (>= 1.10.0)
      faraday-multipart (>= 1)
      faraday-net_http (>= 1)
      faraday-retry (>= 1)
      marcel (~> 1.0)
      zeitwerk (~> 2)
    sequel (5.92.0)
      bigdecimal
    uri (1.0.3)
    zeitwerk (2.7.2)

PLATFORMS
  aarch64-linux-gnu
  aarch64-linux-musl
  arm-linux-gnu
  arm-linux-musl
  arm64-darwin
  x86-linux-gnu
  x86-linux-musl
  x86_64-darwin
  x86_64-linux-gnu
  x86_64-linux-musl

DEPENDENCIES
  askcii!
  csv (~> 3.0)
  minitest (~> 5.25)
  ostruct (~> 0.6)
  rake (~> 13.0)

BUNDLED WITH
   2.6.8
